GEM
  remote: http://rubygems.org/
  specs:
    progressbar (0.11.0)
    rake (0.9.2.2)

PLATFORMS
  ruby

DEPENDENCIES
  progressbar (~> 0.11.0)
  rake
