PATH
  remote: .
  specs:
    rspec_parallel (0.1.6)
      nokogiri (>= 1.5.2)
      progressbar (>= 0.11.0)

GEM
  remote: http://rubygems.org/
  specs:
    nokogiri (1.5.2)
    progressbar (0.11.0)
    rake (0.9.2.2)

PLATFORMS
  ruby

DEPENDENCIES
  rake
  rspec_parallel!
